GEM
  remote: https://rubygems.org/
  specs:
    addressable (2.3.5)
    animation (0.1.alpha.3)
      compass (>= 0.12.0)
      sass (>= 3.2.0.alpha.95)
    breakpoint (2.0.5)
      compass (>= 0.12.1)
      sass (>= 3.2.0)
    chunky_png (1.2.8)
    color-schemer (0.2.5)
      compass (~> 0.12)
      compass-blend-modes (~> 0.0.2)
    compass (0.13.alpha.2)
      chunky_png (~> 1.2)
      listen (~> 0.5.3)
      sass (~> 3.2.0.alpha.93)
    compass-aurora (3.0.6)
      bundler (>= 1.3.5)
      compass (>= 0.12.2)
      compass-normalize (>= 1.4.3)
      css_parser (>= 1.3.4)
      sassy-buttons (>= 0.1.4)
      toolkit (>= 0.3.0)
    compass-blend-modes (0.0.2)
      compass
    compass-normalize (1.4.3)
      compass (>= 0.12.0)
    css_parser (1.3.4)
      addressable
    listen (0.5.3)
    rb-fsevent (0.9.3)
    sass (3.2.9)
    sassy-buttons (0.1.4)
      compass (>= 0.12.2)
      sass (>= 3.2.0)
    sassy-strings (0.3.1)
      compass (>= 0.12.2)
    singularitygs (1.1.0)
      breakpoint (>= 2.0.1)
      compass (>= 0.12.2)
      sass (>= 3.2.1)
    toolkit (1.3.3)
      breakpoint (>= 2.0.2)
      color-schemer (>= 0.2.3)
      compass (>= 0.12.2)
      sassy-strings (>= 0.1)
      singularitygs (>= 1.0.7)

PLATFORMS
  ruby

DEPENDENCIES
  animation (~> 0.1.alpha.3)
  breakpoint (~> 2.0.2)
  compass (~> 0.13.alpha.0)
  compass-aurora (~> 3.0.0)
  compass-normalize (~> 1.4.3)
  css_parser (~> 1.3.4)
  rb-fsevent (~> 0.9.1)
  sassy-buttons (~> 0.1.4)
  singularitygs (~> 1.1.0)
  toolkit (~> 1.3.3)
